GEM
  remote: https://rubygems.org/
  specs:
    json (1.8.3)
    zabbixapi (2.2.2)
      json (~> 1.6, >= 1.6.0)

PLATFORMS
  ruby

DEPENDENCIES
  zabbixapi (~> 2.2.0)
